PATH
  remote: .
  specs:
    rtcp (0.1.0)

GEM
  remote: http://rubygems.org/
  specs:
    diff-lcs (1.1.3)
    multi_json (1.7.2)
    rake (10.0.4)
    rspec (2.11.0)
      rspec-core (~> 2.11.0)
      rspec-expectations (~> 2.11.0)
      rspec-mocks (~> 2.11.0)
    rspec-core (2.11.1)
    rspec-expectations (2.11.3)
      diff-lcs (~> 1.1.3)
    rspec-mocks (2.11.3)
    simplecov (0.7.1)
      multi_json (~> 1.0)
      simplecov-html (~> 0.7.1)
    simplecov-html (0.7.1)

PLATFORMS
  ruby

DEPENDENCIES
  bundler (> 1.0.0)
  rake
  rspec (>= 2.6.0)
  rtcp!
  simplecov (>= 0.5.0)
